Brain Vision Data Exchange Header File Version 1.0
; Data created by the Vision Recorder

[Common Infos]
Codepage=UTF-8
DataFile=130.eeg
MarkerFile=130.vmrk
DataFormat=BINARY
; Data orientation: MULTIPLEXED=ch1,pt1, ch2,pt1 ...
DataOrientation=MULTIPLEXED
NumberOfChannels=1
; Sampling interval in microseconds
SamplingInterval=1000

[Binary Infos]
BinaryFormat=IEEE_FLOAT_32

[Channel Infos]
; Each entry: Ch<Channel number>=<Name>,<Reference channel name>,
; <Resolution in "Unit">,<Unit>, Future extensions..
; Fields are delimited by commas, some fields might be omitted (empty).
; Commas in channel names are coded as "\1".
Ch1=EDA,,1,µS

[Comment]

A m p l i f i e r  S e t u p
============================
Number of channels: 1
Sampling Rate [Hz]: 1000
Sampling Interval [µS]: 1000

Channels
--------
#     Name      Phys. Chn.    Resolution / Unit   Low Cutoff [s]   High Cutoff [Hz]   Notch [Hz]
1     EDA         72                 1 µS             DC              200              Off

S o f t w a r e  F i l t e r s
==============================
#     Low Cutoff [s]   High Cutoff [Hz]   Notch [Hz]
1      Off              499                Off


No impedance values available at 02:11:55!
